GEM
  remote: http://rubygems.org/
  remote: http://gems.github.com/
  specs:
    aaronchi-jrails (0.5.1)
    actionmailer (2.3.16)
      actionpack (= 2.3.16)
    actionpack (2.3.16)
      activesupport (= 2.3.16)
      rack (~> 1.1.0)
    activerecord (2.3.16)
      activesupport (= 2.3.16)
    activeresource (2.3.16)
      activesupport (= 2.3.16)
    activesupport (2.3.16)
    ae_users_migrator (1.0.5)
      activerecord (>= 2.3)
    aws-s3 (0.6.2)
      builder
      mime-types
      xml-simple
    builder (3.0.0)
    cancan (1.6.7)
    coderay (0.9.8)
    daemons (1.1.6)
    devise (1.0.11)
      warden (~> 0.10.3)
    devise_cas_authenticatable (1.0.0)
      devise (>= 1.0.6)
      rubycas-client (>= 2.2.1)
    eventmachine (0.12.10)
    febeling-rubyzip (0.9.2)
    hoptoad_notifier (2.4.8)
      activesupport
      builder
    illyan_client (1.0.2)
      activeresource
    method_source (0.6.7)
      ruby_parser (>= 2.3.1)
    mime-types (1.16)
    paperclip (2.3.3)
      activerecord
      activesupport
    pg (0.14.1)
    pry (0.9.7.3)
      coderay (~> 0.9.8)
      method_source (~> 0.6.7)
      ruby_parser (>= 2.3.1)
      slop (~> 2.1.0)
    rack (1.1.5)
    rails (2.3.16)
      actionmailer (= 2.3.16)
      actionpack (= 2.3.16)
      activerecord (= 2.3.16)
      activeresource (= 2.3.16)
      activesupport (= 2.3.16)
      rake (>= 0.8.3)
    rake (10.0.3)
    right_aws (2.0.0)
      right_http_connection (>= 1.2.1)
    right_http_connection (1.2.4)
    ruby-openid (2.1.8)
    ruby_parser (2.3.1)
      sexp_processor (~> 3.0)
    rubycas-client (2.2.1)
      activesupport
    sexp_processor (3.0.7)
    slop (2.1.0)
    sqlite3 (1.3.6)
    thin (1.3.1)
      daemons (>= 1.0.9)
      eventmachine (>= 0.12.6)
      rack (>= 1.0.0)
    warden (0.10.7)
      rack (>= 1.0.0)
    xml-simple (1.0.13)

PLATFORMS
  ruby

DEPENDENCIES
  aaronchi-jrails (~> 0.5.1)
  ae_users_migrator
  aws-s3
  cancan
  devise (~> 1.0.0)
  devise_cas_authenticatable
  febeling-rubyzip (~> 0.9.2)
  hoptoad_notifier
  illyan_client
  paperclip (~> 2.3)
  pg
  pry
  rails (= 2.3.16)
  right_aws
  ruby-openid (>= 2.0.4)
  rubycas-client (~> 2.2.0)
  sqlite3
  thin
