GEM
  remote: http://rubygems.org/
  remote: http://gems.github.com/
  specs:
    aaronchi-jrails (0.5.1)
    actionmailer (2.3.5)
      actionpack (= 2.3.5)
    actionpack (2.3.5)
      activesupport (= 2.3.5)
      rack (~> 1.0.0)
    activerecord (2.3.5)
      activesupport (= 2.3.5)
    activeresource (2.3.5)
      activesupport (= 2.3.5)
    activesupport (2.3.5)
    febeling-rubyzip (0.9.2)
    mysql (2.8.1)
    rack (1.0.1)
    rails (2.3.5)
      actionmailer (= 2.3.5)
      actionpack (= 2.3.5)
      activerecord (= 2.3.5)
      activeresource (= 2.3.5)
      activesupport (= 2.3.5)
      rake (>= 0.8.3)
    rake (0.8.7)
    ruby-openid (2.1.8)
    thoughtbot-paperclip (2.3.1)

PLATFORMS
  ruby

DEPENDENCIES
  aaronchi-jrails (~> 0.5.1)
  febeling-rubyzip (~> 0.9.2)
  mysql
  rails (= 2.3.5)
  ruby-openid (>= 2.0.4)
  thoughtbot-paperclip (~> 2.3.1)
