GEM
  remote: http://rubygems.org/
  remote: http://gems.github.com/
  specs:
    aaronchi-jrails (0.5.1)
    actionmailer (2.3.5)
      actionpack (= 2.3.5)
    actionpack (2.3.5)
      activesupport (= 2.3.5)
      rack (~> 1.0.0)
    activerecord (2.3.5)
      activesupport (= 2.3.5)
    activeresource (2.3.5)
      activesupport (= 2.3.5)
    activesupport (2.3.5)
    ae_users_legacy (0.6.3)
      ruby-openid (>= 2.0.4)
    aws-s3 (0.6.2)
      builder
      mime-types
      xml-simple
    builder (3.0.0)
    febeling-rubyzip (0.9.2)
    heroku_external_db (1.0.0)
    hoptoad_notifier (2.4.8)
      activesupport
      builder
    mime-types (1.16)
    mysql (2.8.1)
    paperclip (2.3.3)
      activerecord
      activesupport
    rack (1.0.1)
    rails (2.3.5)
      actionmailer (= 2.3.5)
      actionpack (= 2.3.5)
      activerecord (= 2.3.5)
      activeresource (= 2.3.5)
      activesupport (= 2.3.5)
      rake (>= 0.8.3)
    rake (0.8.7)
    right_aws (2.0.0)
      right_http_connection (>= 1.2.1)
    right_http_connection (1.2.4)
    ruby-openid (2.1.8)
    xml-simple (1.0.13)

PLATFORMS
  ruby

DEPENDENCIES
  aaronchi-jrails (~> 0.5.1)
  ae_users_legacy (= 0.6.3)
  aws-s3
  febeling-rubyzip (~> 0.9.2)
  heroku_external_db (>= 1.0.0)
  hoptoad_notifier
  mysql
  paperclip (~> 2.3)
  rails (= 2.3.5)
  right_aws
  ruby-openid (>= 2.0.4)
