GEM
  remote: http://rubygems.org/
  remote: http://gems.github.com/
  specs:
    aaronchi-jrails (0.5.1)
    actionmailer (2.3.14)
      actionpack (= 2.3.14)
    actionpack (2.3.14)
      activesupport (= 2.3.14)
      rack (~> 1.1.0)
    activerecord (2.3.14)
      activesupport (= 2.3.14)
    activeresource (2.3.14)
      activesupport (= 2.3.14)
    activesupport (2.3.14)
    ae_users_legacy (0.6.3)
      ruby-openid (>= 2.0.4)
    airbrake (3.0.5)
      activesupport
      builder
    aws-s3 (0.6.2)
      builder
      mime-types
      xml-simple
    builder (3.0.0)
    coderay (0.9.8)
    febeling-rubyzip (0.9.2)
    heroku_external_db (1.0.0)
    method_source (0.6.7)
      ruby_parser (>= 2.3.1)
    mime-types (1.16)
    mysql2 (0.2.18)
    paperclip (2.3.3)
      activerecord
      activesupport
    pry (0.9.7.3)
      coderay (~> 0.9.8)
      method_source (~> 0.6.7)
      ruby_parser (>= 2.3.1)
      slop (~> 2.1.0)
    rack (1.1.3)
    rails (2.3.14)
      actionmailer (= 2.3.14)
      actionpack (= 2.3.14)
      activerecord (= 2.3.14)
      activeresource (= 2.3.14)
      activesupport (= 2.3.14)
      rake (>= 0.8.3)
    rake (0.9.2.2)
    right_aws (2.0.0)
      right_http_connection (>= 1.2.1)
    right_http_connection (1.2.4)
    ruby-openid (2.1.8)
    ruby_parser (2.3.1)
      sexp_processor (~> 3.0)
    sexp_processor (3.0.7)
    slop (2.1.0)
    xml-simple (1.0.13)

PLATFORMS
  ruby

DEPENDENCIES
  aaronchi-jrails (~> 0.5.1)
  ae_users_legacy (= 0.6.3)
  airbrake
  aws-s3
  febeling-rubyzip (~> 0.9.2)
  heroku_external_db (>= 1.0.0)
  mysql2 (~> 0.2.0)
  paperclip (~> 2.3)
  pry
  rails (= 2.3.14)
  right_aws
  ruby-openid (>= 2.0.4)
