GIT
  remote: git://github.com/aaronchi/jrails.git
  revision: ea8b56b446f3e55236c25b04eb6c9a10c9a189e6
  branch: ea8b56b446f3e55236c25b04eb6c9a10c9a189e6
  specs:
    jrails (0.5.1)

GIT
  remote: https://github.com/makandra/rails.git
  revision: a847b10881e1e0c199e68e58e0b82a2734f2f741
  branch: 2-3-lts
  specs:
    actionmailer (2.3.18)
      actionpack (= 2.3.18)
    actionpack (2.3.18)
      activesupport (= 2.3.18)
      rack (~> 1.1.0)
    activerecord (2.3.18)
      activesupport (= 2.3.18)
    activeresource (2.3.18)
      activesupport (= 2.3.18)
    activesupport (2.3.18)
    rails (2.3.18)
      actionmailer (= 2.3.18)
      actionpack (= 2.3.18)
      activerecord (= 2.3.18)
      activeresource (= 2.3.18)
      activesupport (= 2.3.18)
      railslts-version (= 2.3.18.9)
      rake (>= 0.8.3)

GEM
  remote: https://rubygems.org/
  specs:
    ae_users_migrator (1.0.5)
      activerecord (>= 2.3)
    airbrake (3.0.5)
      activesupport
      builder
    aws-s3 (0.6.2)
      builder
      mime-types
      xml-simple
    builder (3.0.0)
    cancan (1.6.7)
    coderay (0.9.8)
    daemons (1.1.9)
    devise (1.0.11)
      warden (~> 0.10.3)
    devise_cas_authenticatable (1.0.0)
      devise (>= 1.0.6)
      rubycas-client (>= 2.2.1)
    eventmachine (1.0.3)
    febeling-rubyzip (0.9.2)
    heroku_external_db (1.0.0)
    json (1.8.1)
    kgio (2.8.0)
    method_source (0.6.7)
      ruby_parser (>= 2.3.1)
    mime-types (1.16)
    mysql2 (0.2.23)
    paperclip (2.3.3)
      activerecord
      activesupport
    pry (0.9.7.3)
      coderay (~> 0.9.8)
      method_source (~> 0.6.7)
      ruby_parser (>= 2.3.1)
      slop (~> 2.1.0)
    rack (1.1.6)
    railslts-version (2.3.18.9)
    raindrops (0.11.0)
    rake (10.3.2)
    right_aws (2.0.0)
      right_http_connection (>= 1.2.1)
    right_http_connection (1.2.4)
    ruby-openid (2.1.8)
    ruby_parser (2.3.1)
      sexp_processor (~> 3.0)
    rubycas-client (2.2.1)
      activesupport
    sexp_processor (3.0.7)
    slop (2.1.0)
    thin (1.6.2)
      daemons (>= 1.0.9)
      eventmachine (>= 1.0.0)
      rack (>= 1.0.0)
    unicorn (4.6.2)
      kgio (~> 2.6)
      rack
      raindrops (~> 0.7)
    warden (0.10.7)
      rack (>= 1.0.0)
    xml-simple (1.0.13)

PLATFORMS
  ruby

DEPENDENCIES
  ae_users_migrator
  airbrake
  aws-s3
  cancan
  devise (~> 1.0.0)
  devise_cas_authenticatable
  febeling-rubyzip (~> 0.9.2)
  heroku_external_db (>= 1.0.0)
  jrails (= 0.5.1)!
  json
  mysql2 (~> 0.2.0)
  paperclip (~> 2.3)
  pry
  rails!
  right_aws
  ruby-openid (>= 2.0.4)
  rubycas-client (~> 2.2.0)
  thin
  unicorn
